GEM
  specs:
    diffy (3.0.4)

PLATFORMS
  ruby

DEPENDENCIES
  diffy
